GIT
  remote: git://github.com/LMolr/deadline.git
  revision: 276a41ced8473d0c9bb06fe772ad04c18ab997f2
  specs:
    deadline (0.1.0)

GIT
  remote: git://github.com/LMolr/net_tcp_client.git
  revision: f05203d478678045515cd21f5613779e7b152714
  specs:
    net_tcp_client (1.0.0)

GIT
  remote: git://github.com/LMolr/pinchoff.git
  revision: 2b1ed206a584d1c00effcff975e4e1ffc485d0bb
  specs:
    pinchoff (0.1.0)
      semaphore (~> 0.0.1)

PATH
  remote: .
  specs:
    emergency_submitter (0.1.0)
      awesome_print (~> 1.2)
      deadline
      hashie (~> 3.3)
      net_tcp_client
      pinchoff
      rack (~> 1.5)
      redis (~> 3.2)
      sinatra (~> 1.4)
      thin (~> 1.6)

GEM
  remote: https://rubygems.org/
  specs:
    awesome_print (1.2.0)
    byebug (3.5.1)
      columnize (~> 0.8)
      debugger-linecache (~> 1.2)
      slop (~> 3.6)
    coderay (1.1.0)
    columnize (0.9.0)
    daemons (1.1.9)
    debugger-linecache (1.2.0)
    diff-lcs (1.2.5)
    eventmachine (1.0.3)
    hashie (3.3.2)
    kramdown (1.5.0)
    method_source (0.8.2)
    pry (0.10.1)
      coderay (~> 1.1.0)
      method_source (~> 0.8.1)
      slop (~> 3.4)
    pry-byebug (2.0.0)
      byebug (~> 3.4)
      pry (~> 0.10)
    rack (1.6.0)
    rack-protection (1.5.3)
      rack
    rake (10.4.2)
    redis (3.2.0)
    rspec (3.1.0)
      rspec-core (~> 3.1.0)
      rspec-expectations (~> 3.1.0)
      rspec-mocks (~> 3.1.0)
    rspec-core (3.1.7)
      rspec-support (~> 3.1.0)
    rspec-expectations (3.1.2)
      diff-lcs (>= 1.2.0, < 2.0)
      rspec-support (~> 3.1.0)
    rspec-mocks (3.1.3)
      rspec-support (~> 3.1.0)
    rspec-support (3.1.2)
    semaphore (0.0.1)
    sinatra (1.4.5)
      rack (~> 1.4)
      rack-protection (~> 1.4)
      tilt (~> 1.3, >= 1.3.4)
    slop (3.6.0)
    thin (1.6.3)
      daemons (~> 1.0, >= 1.0.9)
      eventmachine (~> 1.0)
      rack (~> 1.0)
    tilt (1.4.1)
    yard (0.8.7.6)

PLATFORMS
  ruby

DEPENDENCIES
  bundler (~> 1.7)
  deadline!
  emergency_submitter!
  kramdown (~> 1.5)
  net_tcp_client!
  pinchoff!
  pry (~> 0.10)
  pry-byebug (~> 2.0)
  rake (~> 10.3)
  rspec (~> 3.1)
  yard (~> 0.8)
