GIT
  remote: git://github.com/LMolr/net_tcp_client.git
  revision: 910786e47a9a9774f3632c4d53ddf491d467ddf9
  specs:
    net_tcp_client (1.0.0)

GIT
  remote: git://github.com/LMolr/pinchoff.git
  revision: 2b1ed206a584d1c00effcff975e4e1ffc485d0bb
  specs:
    pinchoff (0.1.0)
      semaphore (~> 0.0.1)

PATH
  remote: .
  specs:
    emergency_submitter (0.1.0)
      net_tcp_client
      pinchoff

GEM
  remote: https://rubygems.org/
  specs:
    byebug (3.5.1)
      columnize (~> 0.8)
      debugger-linecache (~> 1.2)
      slop (~> 3.6)
    coderay (1.1.0)
    columnize (0.9.0)
    debugger-linecache (1.2.0)
    diff-lcs (1.2.5)
    kramdown (1.5.0)
    method_source (0.8.2)
    pry (0.10.1)
      coderay (~> 1.1.0)
      method_source (~> 0.8.1)
      slop (~> 3.4)
    pry-byebug (2.0.0)
      byebug (~> 3.4)
      pry (~> 0.10)
    rake (10.4.2)
    rspec (3.1.0)
      rspec-core (~> 3.1.0)
      rspec-expectations (~> 3.1.0)
      rspec-mocks (~> 3.1.0)
    rspec-core (3.1.7)
      rspec-support (~> 3.1.0)
    rspec-expectations (3.1.2)
      diff-lcs (>= 1.2.0, < 2.0)
      rspec-support (~> 3.1.0)
    rspec-mocks (3.1.3)
      rspec-support (~> 3.1.0)
    rspec-support (3.1.2)
    semaphore (0.0.1)
    slop (3.6.0)
    yard (0.8.7.6)

PLATFORMS
  ruby

DEPENDENCIES
  bundler (~> 1.7)
  emergency_submitter!
  kramdown (~> 1.5)
  net_tcp_client!
  pinchoff!
  pry (~> 0.10)
  pry-byebug (~> 2.0)
  rake (~> 10.3)
  rspec (~> 3.1)
  yard (~> 0.8)
